PATH
  remote: .
  specs:
    everyday_thor_util (2.0.5)
      everyday-plugins (~> 1.2, >= 1.2.1)
      thor (~> 0.19)

GEM
  remote: https://rubygems.org/
  specs:
    everyday-cli-utils (1.8.7.1)
    everyday-plugins (1.2.1)
      everyday-cli-utils (~> 1.8, >= 1.8.6)
    rake (11.3.0)
    thor (0.19.1)

PLATFORMS
  ruby

DEPENDENCIES
  bundler
  everyday_thor_util!
  rake

BUNDLED WITH
   1.13.1
